PATH
  remote: .
  specs:
    rubycas-server (1.0.1)
      activerecord (>= 2.3.12, < 3.1)
      activesupport (>= 2.3.12, < 3.1)
      crypt-isaac (~> 0.9.1)
      gettext (~> 2.1.0)
      mysql
      sinatra (~> 1.0)

GEM
  remote: http://rubygems.org/
  specs:
    activerecord (2.3.12)
      activesupport (= 2.3.12)
    activeresource (2.3.12)
      activesupport (= 2.3.12)
    activesupport (2.3.12)
    capybara (0.4.1.2)
      celerity (>= 0.7.9)
      culerity (>= 0.2.4)
      mime-types (>= 1.16)
      nokogiri (>= 1.3.3)
      rack (>= 1.0.0)
      rack-test (>= 0.5.4)
      selenium-webdriver (>= 0.0.27)
      xpath (~> 0.1.3)
    celerity (0.8.8)
    childprocess (0.1.7)
      ffi (~> 0.6.3)
    crypt-isaac (0.9.1)
    culerity (0.2.15)
    diff-lcs (1.1.2)
    ffi (0.6.3)
      rake (>= 0.8.7)
    gettext (2.1.0)
      locale (>= 2.0.5)
    json_pure (1.5.1)
    locale (2.0.5)
    mime-types (1.16)
    mysql (2.8.1)
    net-ldap (0.1.1)
    nokogiri (1.4.4)
    rack (1.2.1)
    rack-test (0.5.7)
      rack (>= 1.0)
    rake (0.8.7)
    rspec (2.5.0)
      rspec-core (~> 2.5.0)
      rspec-expectations (~> 2.5.0)
      rspec-mocks (~> 2.5.0)
    rspec-core (2.5.1)
    rspec-expectations (2.5.0)
      diff-lcs (~> 1.1.2)
    rspec-mocks (2.5.0)
    rubyzip (0.9.4)
    selenium-webdriver (0.1.3)
      childprocess (~> 0.1.5)
      ffi (~> 0.6.3)
      json_pure
      rubyzip
    sinatra (1.1.3)
      rack (~> 1.1)
      tilt (< 2.0, >= 1.2.2)
    sqlite3 (1.3.3)
    tilt (1.3.3)
    xpath (0.1.3)
      nokogiri (~> 1.3)

PLATFORMS
  ruby

DEPENDENCIES
  activeresource (< 3.1, >= 2.3.12)
  capybara
  net-ldap (~> 0.1.1)
  rack-test
  rspec
  rspec-core
  rubycas-server!
  sqlite3 (~> 1.3.1)
